GEM
  remote: https://rubygems.org/
  specs:
    Ascii85 (1.0.2)
    afm (0.2.2)
    hashery (2.1.1)
    pdf-reader (1.4.0)
      Ascii85 (~> 1.0.0)
      afm (~> 0.2.1)
      hashery (~> 2.0)
      ruby-rc4
      ttfunk
    prawn (0.13.2)
      pdf-reader (~> 1.2)
      ruby-rc4
      ttfunk (~> 1.0.3)
    ruby-rc4 (0.1.5)
    ttfunk (1.0.3)

PLATFORMS
  x86-mingw32

DEPENDENCIES
  prawn (~> 0.13.0)

BUNDLED WITH
   1.11.2
